PATH
  remote: .
  specs:
    terminal-share (1.0.0)

GEM
  remote: https://rubygems.org/
  specs:
    rake (0.9.6)
    rspec (0.6.4)

PLATFORMS
  ruby

DEPENDENCIES
  rake (~> 0.9.2)
  rspec (~> 0.6.1)
  terminal-share!
